RESTRICTION: == netstandard2.0
NUGET
  remote: https://api.nuget.org/v3/index.json
    Fable.Core (3.0)
      FSharp.Core (>= 4.5.2)
    FSharp.Core (4.5.2) - redirects: force
